PATH
  remote: .
  specs:
    hubspot_sync_middleware (0.1.0)

GEM
  remote: https://rubygems.org/
  specs:
    ast (2.4.2)
    byebug (11.1.3)
    diff-lcs (1.5.0)
    ethon (0.16.0)
      ffi (>= 1.15.0)
    ffi (1.15.5)
    json (2.6.2)
    language_server-protocol (3.17.0.1)
    parallel (1.22.1)
    parser (3.1.2.1)
      ast (~> 2.4.1)
    prettier_print (1.1.0)
    rainbow (3.1.1)
    rake (13.0.6)
    regexp_parser (2.6.0)
    rexml (3.2.5)
    rspec (3.12.0)
      rspec-core (~> 3.12.0)
      rspec-expectations (~> 3.12.0)
      rspec-mocks (~> 3.12.0)
    rspec-core (3.12.0)
      rspec-support (~> 3.12.0)
    rspec-expectations (3.12.0)
      diff-lcs (>= 1.2.0, < 2.0)
      rspec-support (~> 3.12.0)
    rspec-mocks (3.12.0)
      diff-lcs (>= 1.2.0, < 2.0)
      rspec-support (~> 3.12.0)
    rspec-support (3.12.0)
    rubocop (1.38.0)
      json (~> 2.3)
      parallel (~> 1.10)
      parser (>= 3.1.2.1)
      rainbow (>= 2.2.2, < 4.0)
      regexp_parser (>= 1.8, < 3.0)
      rexml (>= 3.2.5, < 4.0)
      rubocop-ast (>= 1.23.0, < 2.0)
      ruby-progressbar (~> 1.7)
      unicode-display_width (>= 1.4.0, < 3.0)
    rubocop-ast (1.23.0)
      parser (>= 3.1.1.0)
    ruby-lsp (0.3.6)
      language_server-protocol (~> 3.17.0)
      sorbet-runtime
      syntax_tree (>= 4.0.2, < 5.0.0)
    ruby-progressbar (1.11.0)
    sorbet-runtime (0.5.10554)
    syntax_tree (4.3.0)
      prettier_print (>= 1.0.2)
    typhoeus (1.4.0)
      ethon (>= 0.9.0)
    unicode-display_width (2.3.0)

PLATFORMS
  x86_64-darwin-20

DEPENDENCIES
  byebug (~> 11.1)
  hubspot_sync_middleware!
  rake (~> 13.0)
  rspec (~> 3.0)
  rubocop (~> 1.21)
  ruby-lsp (~> 0.3.6)
  typhoeus (~> 1.4)

BUNDLED WITH
   2.3.12
